PATH
  remote: .
  specs:
    deeper_hash (0.1.0)
      ttyhue (~> 0.1.2)

GEM
  remote: https://rubygems.org/
  specs:
    ansi (1.5.0)
    builder (3.2.4)
    minitest (5.16.3)
    minitest-reporters (1.5.0)
      ansi
      builder
      minitest (>= 5.0)
      ruby-progressbar
    rake (13.0.6)
    ruby-progressbar (1.11.0)
    shoulda-context (2.0.0)
    ttyhue (0.1.2)

PLATFORMS
  x86_64-linux

DEPENDENCIES
  deeper_hash!
  minitest (= 5.16.3)
  minitest-reporters (= 1.5.0)
  rake (~> 13.0)
  shoulda-context (= 2.0.0)

BUNDLED WITH
   2.3.22
